GEM
  specs:
    minitest (5.14.0)

PLATFORMS
  ruby

DEPENDENCIES
  minitest

RUBY VERSION
   ruby 2.5.0p0

BUNDLED WITH
   1.17.3
